PATH
  remote: .
  specs:
    error_stalker (0.0.16)

GEM
  remote: http://rubygems.org/
  specs:
    activemodel (3.0.5)
      activesupport (= 3.0.5)
      builder (~> 2.1.2)
      i18n (~> 0.4)
    activeresource (3.0.5)
      activemodel (= 3.0.5)
      activesupport (= 3.0.5)
    activesupport (3.0.5)
    addressable (2.2.8)
    bson (1.9.2)
    builder (2.1.2)
    daemons (1.1.9)
    eventmachine (1.0.3)
    i18n (0.6.9)
    json (1.4.6)
    lighthouse-api (2.0)
      activeresource (>= 3.0.0)
      activesupport (>= 3.0.0)
    mail (2.2.20)
      activesupport (>= 2.3.6)
      i18n (>= 0.4.0)
      mime-types (~> 1.16)
      treetop (~> 1.4.8)
    mime-types (1.25.1)
    mocha (0.9.12)
    mongo (1.9.2)
      bson (~> 1.9.2)
    mongoid (2.2.6)
      activemodel (~> 3.0.0)
      mongo (~> 1.3)
      tzinfo (~> 0.3.22)
    polyglot (0.3.4)
    rack (1.5.2)
    rack-test (0.5.7)
      rack (>= 1.0)
    rake (10.1.1)
    sinatra (1.1.4)
      rack (~> 1.1)
      tilt (>= 1.2.2, < 2.0)
    thin (1.2.11)
      daemons (>= 1.0.9)
      eventmachine (>= 0.12.6)
      rack (>= 1.0.0)
    tilt (1.4.1)
    treetop (1.4.15)
      polyglot
      polyglot (>= 0.3.1)
    tzinfo (0.3.38)
    vegas (0.1.11)
      rack (>= 1.0.0)
    will_paginate (3.0.5)

PLATFORMS
  ruby

DEPENDENCIES
  addressable (~> 2.2.2)
  error_stalker!
  json (= 1.4.6)
  lighthouse-api (= 2.0)
  mail (~> 2.2.15)
  mocha (~> 0.9.10)
  mongoid (~> 2.2.0)
  rack-test (~> 0.5.7)
  rake (~> 10.1.0)
  sinatra (~> 1.1.2)
  thin (~> 1.2.7)
  vegas (~> 0.1.8)
  will_paginate (~> 3.0)
